GEM
  remote: https://rubygems.org/
  specs:
    debug (1.8.0)
      irb (>= 1.5.0)
      reline (>= 0.3.1)
    io-console (0.6.0)
    irb (1.8.1)
      rdoc
      reline (>= 0.3.8)
    language_server-protocol (3.17.0.3)
    minitest (5.20.0)
    psych (5.1.0)
      stringio
    rdoc (6.5.0)
      psych (>= 4.0.0)
    reline (0.3.9)
      io-console (~> 0.5)
    ruby-lsp (0.11.1)
      language_server-protocol (~> 3.17.0)
      sorbet-runtime (>= 0.5.5685)
      yarp (>= 0.12, < 0.13)
    sorbet-runtime (0.5.11064)
    stringio (3.0.8)
    yarp (0.12.0)

PLATFORMS
  aarch64-linux
  x86_64-linux

DEPENDENCIES
  debug
  minitest
  ruby-lsp

BUNDLED WITH
   2.3.15
